GIT
  remote: git://github.com/onewheelskyward/lita-forecast-io.git
  revision: 1835334999729034736a613b3aa627f6434d5c5a
  branch: master
  specs:
    lita-forecast-io (0.0.1)
      lita (>= 4.0)

GIT
  remote: git://github.com/onewheelskyward/lita-google-images.git
  revision: 8d665cc2acb493e7ecefa053aa80197a054ad5dd
  specs:
    lita-google-images (2.0.0)
      lita (>= 4.0)

GIT
  remote: git://github.com/onewheelskyward/lita-google.git
  revision: 7d41550193456e1a865f624f6fbce3b1e72651f6
  specs:
    lita-google (1.0.0)
      lita (>= 4.0)

GIT
  remote: git://github.com/onewheelskyward/lita-irc.git
  revision: b69fd49ef6dfe46332c800ad00c9e2934da517b6
  specs:
    lita-irc (2.0.0)
      cinch (>= 2.0)
      lita (>= 4.0)

GIT
  remote: git://github.com/onewheelskyward/lita-ping.git
  revision: 1de8dbfd883993ac8b014eb17a54934fd6e9b57e
  branch: master
  specs:
    lita-ping (0.0.0)
      lita (>= 4.0)

GEM
  remote: https://rubygems.org/
  specs:
    cinch (2.1.0)
    faraday (0.9.0)
      multipart-post (>= 1.2, < 3)
    geocoder (1.2.6)
    http_router (0.11.1)
      rack (>= 1.0.0)
      url_mount (~> 0.2.1)
    httparty (0.13.3)
      json (~> 1.8)
      multi_xml (>= 0.5.2)
    i18n (0.6.11)
    ice_nine (0.11.0)
    json (1.8.1)
    lita (4.0.2)
      bundler (>= 1.3)
      faraday (>= 0.8.7)
      http_router (>= 0.11.1)
      i18n (>= 0.6.9)
      ice_nine (>= 0.11.0)
      multi_json (>= 1.7.7)
      puma (>= 2.7.1)
      rack (>= 1.5.2)
      rb-readline (>= 0.5.1)
      redis-namespace (>= 1.3.0)
      thor (>= 0.18.1)
    magic-eightball (0.0.1)
    multi_json (1.10.1)
    multi_xml (0.5.5)
    multipart-post (2.0.0)
    puma (2.10.2)
      rack (>= 1.1, < 2.0)
    rack (1.5.2)
    rb-readline (0.5.1)
    redis (3.1.0)
    redis-namespace (1.5.1)
      redis (~> 3.0, >= 3.0.4)
    thor (0.19.1)
    url_mount (0.2.1)
      rack

PLATFORMS
  ruby

DEPENDENCIES
  geocoder
  httparty
  lita
  lita-forecast-io!
  lita-google!
  lita-google-images!
  lita-irc!
  lita-ping!
  magic-eightball
