GIT
  remote: git://github.com/onewheelskyward/lita-forecast-io.git
  revision: bf8bc51c415407f79038e27db3659863a3153a92
  branch: master
  specs:
    lita-forecast-io (0.0.1)
      geocoder
      lita (>= 4.0)
      magic-eightball
      multi_json
      rest_client

GIT
  remote: git://github.com/onewheelskyward/lita-google-images.git
  revision: dd7b9aa664ecd6500459bcd270be9052dda41b51
  specs:
    lita-google-images (2.0.0)
      lita (>= 4.0)

GIT
  remote: git://github.com/onewheelskyward/lita-google.git
  revision: b12e842028fcd9804c9c5dd09c2def8b61951a76
  specs:
    lita-google (1.0.0)
      lita (>= 4.0)

GIT
  remote: git://github.com/onewheelskyward/lita-irc.git
  revision: 80425b4dfdd4991bdb959aff2245f2179673659a
  branch: master
  specs:
    lita-irc (2.0.0)
      cinch (>= 2.0)
      lita (>= 4.0)

GIT
  remote: git://github.com/onewheelskyward/lita-ping.git
  revision: 2b8227b38c8d4c2c16b50d08c0485f444ddad062
  branch: master
  specs:
    lita-ping (0.0.0)
      lita (>= 4.0)

GIT
  remote: git://github.com/onewheelskyward/lita-wolfram-alpha.git
  revision: daba3d6d00a863657eb995e9d05cbee776d380b2
  branch: master
  specs:
    lita-wolfram-alpha (0.0.0)
      lita (>= 4.0)
      nokogiri
      rest_client

GEM
  remote: https://rubygems.org/
  specs:
    cinch (2.1.0)
    faraday (0.9.0)
      multipart-post (>= 1.2, < 3)
    geocoder (1.2.6)
    http_router (0.11.1)
      rack (>= 1.0.0)
      url_mount (~> 0.2.1)
    httparty (0.13.3)
      json (~> 1.8)
      multi_xml (>= 0.5.2)
    i18n (0.7.0)
    ice_nine (0.11.1)
    json (1.8.1)
    lita (4.0.4)
      bundler (>= 1.3)
      faraday (>= 0.8.7)
      http_router (>= 0.11.1)
      i18n (>= 0.6.9)
      ice_nine (>= 0.11.0)
      multi_json (>= 1.7.7)
      puma (>= 2.7.1)
      rack (>= 1.5.2)
      rb-readline (>= 0.5.1)
      redis-namespace (>= 1.3.0)
      thor (>= 0.18.1)
    magic-eightball (0.0.1)
    mini_portile (0.6.1)
    multi_json (1.10.1)
    multi_xml (0.5.5)
    multipart-post (2.0.0)
    netrc (0.7.9)
    nokogiri (1.6.5)
      mini_portile (~> 0.6.0)
    puma (2.10.2)
      rack (>= 1.1, < 2.0)
    rack (1.6.0)
    rb-readline (0.5.1)
    redis (3.2.0)
    redis-namespace (1.5.1)
      redis (~> 3.0, >= 3.0.4)
    rest_client (1.8.2)
      netrc (~> 0.7.7)
    thor (0.19.1)
    url_mount (0.2.1)
      rack

PLATFORMS
  ruby

DEPENDENCIES
  geocoder
  httparty
  lita
  lita-forecast-io!
  lita-google!
  lita-google-images!
  lita-irc!
  lita-ping!
  lita-wolfram-alpha!
  magic-eightball
  rest_client
